PATH
  remote: .
  specs:
    toastr (0.0.2)
      aasm

GEM
  remote: https://rubygems.org/
  specs:
    aasm (4.1.1)
    sqlite3 (1.3.9)

PLATFORMS
  ruby

DEPENDENCIES
  sqlite3
  toastr!
